GEM
  remote: https://rubygems.org/
  specs:
    blockenspiel (0.5.0)
    highline (1.7.10)
    mail (2.7.0)
      mini_mime (>= 0.1.1)
    mini_mime (1.0.0)
    sequel (3.48.0)
    sqlite3 (1.3.13)
    versionomy (0.5.0)
      blockenspiel (~> 0.5)
    vmail (2.9.9)
      highline (~> 1.6, >= 1.6.1)
      mail (~> 2.2, >= 2.2.12)
      sequel (~> 3.24, >= 3.24.1)
      sqlite3 (~> 1.3, >= 1.3.3)
      versionomy (~> 0.4, >= 0.4.4)

PLATFORMS
  ruby

DEPENDENCIES
  vmail

BUNDLED WITH
   1.16.2
