GEM
  remote: http://rubygems.org/
  specs:
    rake (12.3.0)

PLATFORMS
  ruby

DEPENDENCIES
  rake

BUNDLED WITH
   1.14.6
